GEM
  remote: https://rubygems.org/
  specs:
    byebug (11.0.1)
    colorize (0.8.1)

PLATFORMS
  ruby

DEPENDENCIES
  byebug (~> 11.0)
  colorize

BUNDLED WITH
   2.0.2
