GEM
  remote: https://rubygems.org/
  specs:
    byebug (11.0.1)

PLATFORMS
  ruby

DEPENDENCIES
  byebug (~> 11.0)

BUNDLED WITH
   2.0.2
